PATH
  remote: .
  specs:
    rcoli (1.0.0)
      highline (~> 1.6.11)

GEM
  remote: http://rubygems.org/
  specs:
    highline (1.6.15)
    rake (10.0.3)

PLATFORMS
  ruby

DEPENDENCIES
  rake
  rcoli!
