PATH
  remote: .
  specs:
    rcoli (1.0.0)

GEM
  remote: http://rubygems.org/
  specs:
    rake (10.0.3)

PLATFORMS
  ruby

DEPENDENCIES
  rake
  rcoli!
